GIT
  remote: git://github.com/no-reply/active_fedora.git
  revision: 2ac8eaf791588b91be22e5af34718b7c0ed5d1be
  branch: af7-rdf
  specs:
    active-fedora (7.0.0.rc2)
      activesupport (>= 3.0.0)
      deprecation
      linkeddata
      mediashelf-loggable
      nom-xml (>= 0.5.1)
      om (~> 3.0.0)
      rdf
      rdf-rdfxml (~> 1.1.0)
      rsolr (~> 1.0.10.pre1)
      rubydora (~> 1.7.4)

GIT
  remote: git://github.com/ucsdlib/solrizer-fedora.git
  revision: 87c2d35e89df19bb4535e1f713a68b0dc469498a
  ref: 87c2d35e
  specs:
    solrizer-fedora (3.0.0.pre1)
      active-fedora (>= 6.0.0.pre3)

GEM
  remote: https://rubygems.org/
  specs:
    actionmailer (4.0.3)
      actionpack (= 4.0.3)
      mail (~> 2.5.4)
    actionpack (4.0.3)
      activesupport (= 4.0.3)
      builder (~> 3.1.0)
      erubis (~> 2.7.0)
      rack (~> 1.5.2)
      rack-test (~> 0.6.2)
    activemodel (4.0.3)
      activesupport (= 4.0.3)
      builder (~> 3.1.0)
    activerecord (4.0.3)
      activemodel (= 4.0.3)
      activerecord-deprecated_finders (~> 1.0.2)
      activesupport (= 4.0.3)
      arel (~> 4.0.0)
    activerecord-deprecated_finders (1.0.3)
    activerecord-postgresql-adapter (0.0.1)
      pg
    activesupport (4.0.3)
      i18n (~> 0.6, >= 0.6.4)
      minitest (~> 4.2)
      multi_json (~> 1.3)
      thread_safe (~> 0.1)
      tzinfo (~> 0.3.37)
    addressable (2.3.5)
    arel (4.0.2)
    atomic (1.1.15)
    bcrypt (3.1.7)
    bcrypt-ruby (3.1.5)
      bcrypt (>= 3.1.3)
    blacklight (4.7.0)
      bootstrap-sass (>= 2.2.0, < 2.4)
      deprecation (~> 0.1)
      kaminari (~> 0.13)
      marc (>= 0.4.3, < 1.1)
      nokogiri (~> 1.6)
      rails (>= 3.2.6, < 5)
      rsolr (~> 1.0.6)
      sass-rails
    blacklight_advanced_search (2.1.1)
      blacklight (~> 4.0)
      parslet
    blankslate (2.1.2.4)
    block_helpers (0.3.3)
      activesupport (>= 2.0)
    bootstrap-sass (2.3.2.2)
      sass (~> 3.2)
    builder (3.1.4)
    cancan (1.6.10)
    capistrano (3.0.1)
      i18n
      rake (>= 10.0.0)
      sshkit (>= 0.0.23)
    capistrano-bundler (1.1.2)
      capistrano (~> 3.0)
      sshkit (~> 1.2)
    capistrano-rails (1.1.0)
      capistrano (>= 3.0.0)
      capistrano-bundler (>= 1.0.0)
    capybara (2.2.1)
      mime-types (>= 1.16)
      nokogiri (>= 1.3.3)
      rack (>= 1.0.0)
      rack-test (>= 0.5.4)
      xpath (~> 2.0)
    childprocess (0.5.1)
      ffi (~> 1.0, >= 1.0.11)
    coffee-rails (4.0.1)
      coffee-script (>= 2.2.0)
      railties (>= 4.0.0, < 5.0)
    coffee-script (2.2.0)
      coffee-script-source
      execjs
    coffee-script-source (1.7.0)
    daemons (1.1.9)
    database_cleaner (1.2.0)
    deprecation (0.1.0)
      activesupport
    devise (3.2.3)
      bcrypt-ruby (~> 3.0)
      orm_adapter (~> 0.1)
      railties (>= 3.2.6, < 5)
      thread_safe (~> 0.1)
      warden (~> 1.2.3)
    diff-lcs (1.2.5)
    docile (1.1.3)
    ebnf (0.3.5)
      rdf
      sxp
    ensure_valid_encoding (0.5.3)
    equivalent-xml (0.4.0)
      nokogiri (>= 1.4.3)
    erubis (2.7.0)
    execjs (2.0.2)
    fastercsv (1.5.5)
    ffi (1.9.3)
    haml (4.0.5)
      tilt
    hashie (2.0.5)
    hike (1.2.3)
    hooks (0.3.6)
      uber (~> 0.0.4)
    htmlentities (4.3.1)
    hydra-access-controls (7.0.0.pre2)
      active-fedora (~> 7.0.0.rc1)
      activesupport
      blacklight (~> 4.0)
      cancan
      deprecation
    hydra-core (7.0.0.pre2)
      active-fedora
      blacklight (~> 4.0)
      block_helpers
      deprecation (>= 0.0.5)
      hydra-access-controls (= 7.0.0.pre2)
      jettywrapper (>= 1.4.1)
      rails (>= 3.2.3, < 5)
    hydra-head (7.0.0.pre2)
      hydra-access-controls (= 7.0.0.pre2)
      hydra-core (= 7.0.0.pre2)
      rails (>= 3.2.6)
    i18n (0.6.9)
    jettywrapper (1.5.2)
      activesupport (>= 3.0.0)
      childprocess
      i18n
      logger
      mediashelf-loggable
    jquery-rails (3.1.0)
      railties (>= 3.0, < 5.0)
      thor (>= 0.14, < 2.0)
    json (1.8.1)
    json-ld (1.1.1)
      rdf (>= 1.0.8)
    kaminari (0.15.1)
      actionpack (>= 3.0.0)
      activesupport (>= 3.0.0)
    kgio (2.9.2)
    launchy (2.4.2)
      addressable (~> 2.3)
    libv8 (3.16.14.3)
    linkeddata (1.1.1)
      equivalent-xml (>= 0.4.0)
      json-ld (>= 1.1.1)
      nokogiri (>= 1.6.1)
      rdf (>= 1.1.1)
      rdf-aggregate-repo (>= 1.1.0)
      rdf-isomorphic (>= 1.1.0)
      rdf-json (>= 1.1.0)
      rdf-microdata (>= 1.1.1)
      rdf-n3 (>= 1.1.0)
      rdf-rdfa (>= 1.1.1)
      rdf-rdfxml (>= 1.1.0)
      rdf-trig (>= 1.1.2)
      rdf-trix (>= 1.1.0)
      rdf-turtle (>= 1.1.2)
      sparql (>= 1.1.2)
      sparql-client (>= 1.1.1)
    logger (1.2.8)
    mail (2.5.4)
      mime-types (~> 1.16)
      treetop (~> 1.4.8)
    mail_form (1.5.0)
      actionmailer (>= 3.2, < 5)
      activemodel (>= 3.2, < 5)
    marc (0.8.1)
      ensure_valid_encoding
      unf
    mediashelf-loggable (0.4.9)
    mime-types (1.25.1)
    mini_portile (0.5.2)
    minitest (4.7.5)
    multi_json (1.8.4)
    net-http-persistent (2.9.4)
    net-scp (1.1.2)
      net-ssh (>= 2.6.5)
    net-ssh (2.8.0)
    nokogiri (1.6.1)
      mini_portile (~> 0.5.0)
    nom-xml (0.5.1)
      activesupport
      i18n
      nokogiri
    om (3.0.4)
      activemodel
      activesupport
      deprecation
      mediashelf-loggable
      nokogiri (>= 1.4.2)
      solrizer (~> 3.1.0)
    omniauth (1.2.1)
      hashie (>= 1.2, < 3)
      rack (~> 1.0)
    omniauth-shibboleth (1.1.1)
      omniauth (>= 1.0.0)
    orm_adapter (0.5.0)
    parslet (1.5.0)
      blankslate (~> 2.0)
    pg (0.17.1)
    polyglot (0.3.4)
    rack (1.5.2)
    rack-test (0.6.2)
      rack (>= 1.0)
    rails (4.0.3)
      actionmailer (= 4.0.3)
      actionpack (= 4.0.3)
      activerecord (= 4.0.3)
      activesupport (= 4.0.3)
      bundler (>= 1.3.0, < 2.0)
      railties (= 4.0.3)
      sprockets-rails (~> 2.0.0)
    rails_autolink (1.1.5)
      rails (> 3.1)
    railties (4.0.3)
      actionpack (= 4.0.3)
      activesupport (= 4.0.3)
      rake (>= 0.8.7)
      thor (>= 0.18.1, < 2.0)
    raindrops (0.13.0)
    rake (10.1.1)
    rdf (1.1.2.1)
    rdf-aggregate-repo (1.1.0)
      rdf (>= 1.1)
    rdf-isomorphic (1.1.0)
      rdf (>= 1.1)
    rdf-json (1.1.0)
      rdf (>= 1.1.0)
    rdf-microdata (1.1.1)
      htmlentities (>= 4.3.0)
      nokogiri (>= 1.6.1)
      rdf (>= 1.1.0)
      rdf-xsd (>= 1.1.0)
    rdf-n3 (1.1.0)
      rdf (>= 1.1)
    rdf-rdfa (1.1.2)
      haml (>= 4.0)
      htmlentities (>= 4.3.1)
      rdf (>= 1.1.0)
      rdf-xsd (>= 1.1)
    rdf-rdfxml (1.1.0)
      rdf (>= 1.1)
      rdf-rdfa (>= 1.1)
      rdf-xsd (>= 1.1)
    rdf-trig (1.1.3)
      ebnf (>= 0.3.5)
      rdf (~> 1.1, >= 1.1.2.1)
      rdf-turtle (~> 1.1, >= 1.1.3)
    rdf-trix (1.1.0)
      rdf (>= 1.1)
    rdf-turtle (1.1.3)
      ebnf (>= 0.3.5)
      rdf (~> 1.1, >= 1.1.2.1)
    rdf-xsd (1.1.0)
      rdf (>= 1.1)
    ref (1.0.5)
    rest-client (1.6.7)
      mime-types (>= 1.16)
    rsolr (1.0.10.pre1)
      builder (>= 2.1.2)
    rspec-core (2.14.8)
    rspec-expectations (2.14.5)
      diff-lcs (>= 1.1.3, < 2.0)
    rspec-mocks (2.14.6)
    rspec-rails (2.14.1)
      actionpack (>= 3.0)
      activemodel (>= 3.0)
      activesupport (>= 3.0)
      railties (>= 3.0)
      rspec-core (~> 2.14.0)
      rspec-expectations (~> 2.14.0)
      rspec-mocks (~> 2.14.0)
    rubydora (1.7.4)
      activemodel
      activesupport
      deprecation
      equivalent-xml
      fastercsv
      hooks (~> 0.3.0)
      mime-types
      nokogiri
      rest-client
    sass (3.2.14)
    sass-rails (4.0.1)
      railties (>= 4.0.0, < 5.0)
      sass (>= 3.1.10)
      sprockets-rails (~> 2.0.0)
    simplecov (0.8.2)
      docile (~> 1.1.0)
      multi_json
      simplecov-html (~> 0.8.0)
    simplecov-html (0.8.0)
    sitemap_generator (5.0.0)
      builder
    solrizer (3.1.1)
      activesupport
      daemons
      mediashelf-loggable (~> 0.4.7)
      nokogiri
      stomp
      xml-simple
    sparql (1.1.2.1)
      builder (>= 3.0)
      ebnf (>= 0.3.2)
      json (>= 1.7)
      rdf (>= 1.1.0)
      rdf-aggregate-repo (>= 1.1.0)
      rdf-xsd (>= 1.0.2)
      sparql-client (>= 1.1)
      sxp (>= 0.1.3)
    sparql-client (1.1.1)
      json (>= 1.8)
      net-http-persistent (>= 1.4)
      rdf (>= 1.1)
    sprockets (2.11.0)
      hike (~> 1.2)
      multi_json (~> 1.0)
      rack (~> 1.0)
      tilt (~> 1.1, != 1.3.0)
    sprockets-rails (2.0.1)
      actionpack (>= 3.0)
      activesupport (>= 3.0)
      sprockets (~> 2.8)
    sqlite3 (1.3.9)
    sshkit (1.3.0)
      net-scp (>= 1.1.2)
      net-ssh
      term-ansicolor
    stomp (1.3.2)
    sxp (0.1.5)
    term-ansicolor (1.3.0)
      tins (~> 1.0)
    therubyracer (0.12.0)
      libv8 (~> 3.16.14.0)
      ref
    thor (0.18.1)
    thread_safe (0.2.0)
      atomic (>= 1.1.7, < 2)
    tilt (1.4.1)
    tins (1.0.0)
    treetop (1.4.15)
      polyglot
      polyglot (>= 0.3.1)
    tzinfo (0.3.38)
    uber (0.0.4)
    uglifier (2.4.0)
      execjs (>= 0.3.0)
      json (>= 1.8.0)
    unf (0.1.3)
      unf_ext
    unf_ext (0.0.6)
    unicode (0.4.4)
    unicorn (4.8.2)
      kgio (~> 2.6)
      rack
      raindrops (~> 0.7)
    warden (1.2.3)
      rack (>= 1.0)
    xml-simple (1.1.3)
    xpath (2.0.0)
      nokogiri (~> 1.3)

PLATFORMS
  ruby

DEPENDENCIES
  active-fedora!
  activerecord-postgresql-adapter
  blacklight
  blacklight_advanced_search
  bootstrap-sass
  capistrano (~> 3.0.0)
  capistrano-bundler
  capistrano-rails
  capybara
  coffee-rails
  database_cleaner
  devise
  equivalent-xml
  hydra-head (~> 7.0.0.pre2)
  i18n (= 0.6.9)
  jettywrapper
  jquery-rails
  launchy
  mail_form
  omniauth
  omniauth-shibboleth
  rails (~> 4.0.0)
  rails_autolink
  rake (~> 10.1.0)
  rspec-rails
  sass-rails
  simplecov
  sitemap_generator (~> 5.0.0)
  solrizer (~> 3.1.0)
  solrizer-fedora!
  sqlite3
  therubyracer (= 0.12.0)
  uglifier
  unicode (= 0.4.4)
  unicorn
